GEM
  remote: http://rubygems.org/
  specs:
    childprocess (0.3.9)
      ffi (~> 1.0, >= 1.0.11)
    facets (2.9.3)
    ffi (1.4.0)
    json (1.7.7)
    multi_json (1.7.1)
    rubyzip (0.9.9)
    selenium-webdriver (2.31.0)
      childprocess (>= 0.2.5)
      multi_json (~> 1.0)
      rubyzip
      websocket (~> 1.0.4)
    webdriver-user-agent (6.6.6)
      facets
      json
      selenium-webdriver
    websocket (1.0.7)

PLATFORMS
  ruby

DEPENDENCIES
  selenium-webdriver
  webdriver-user-agent
